GEM
  specs:

GEM
  remote: https://rubygems.org/
  specs:
    mustermann (2.0.2)
      ruby2_keywords (~> 0.0.1)
    rack (2.2.4)
    rack-protection (2.2.3)
      rack
    ruby2_keywords (0.0.5)
    sinatra (2.2.3)
      mustermann (~> 2.0)
      rack (~> 2.2)
      rack-protection (= 2.2.3)
      tilt (~> 2.0)
    sqlite3 (1.4.1)
    tilt (2.0.11)

PLATFORMS
  x64-mingw32
  x86_64-linux

DEPENDENCIES
  sinatra!
  sqlite3 (~> 1.4, >= 1.4.1)!

BUNDLED WITH
   2.0.1
